GEM
  remote: https://rubygems.org/
  remote: https://rails-assets.org/
  specs:
    activesupport (5.0.1)
      concurrent-ruby (~> 1.0, >= 1.0.2)
      i18n (~> 0.7)
      minitest (~> 5.1)
      tzinfo (~> 1.1)
    addressable (2.4.0)
    algoliasearch (1.10.0)
      httpclient (~> 2.7.1)
      json (>= 1.5.1)
    algoliasearch-jekyll (0.8.0)
      algoliasearch (~> 1.4)
      appraisal (~> 2.1.0)
      awesome_print (~> 1.6)
      json (~> 1.8)
      nokogiri (~> 1.6)
      verbal_expressions (~> 0.1.5)
    appraisal (2.1.0)
      bundler
      rake
      thor (>= 0.14.0)
    autoprefixer-rails (6.3.3)
      execjs
      json
    awesome_print (1.7.0)
    bootstrap-sass (3.3.6)
      autoprefixer-rails (>= 5.2.1)
      sass (>= 3.3.4)
    colorator (1.1.0)
    colored (1.2)
    concurrent-ruby (1.1.6)
    em-websocket (0.5.1)
      eventmachine (>= 0.12.9)
      http_parser.rb (~> 0.6.0)
    ethon (0.10.1)
      ffi (>= 1.3.0)
    eventmachine (1.2.7)
    execjs (2.6.0)
    extras (0.3.0)
      forwardable-extended (~> 2.5)
    fastimage (2.1.7)
    ffi (1.13.1)
    font-awesome-sass (4.6.2)
      sass (>= 3.2)
    forwardable-extended (2.6.0)
    html-proofer (3.4.0)
      activesupport (>= 4.2, < 6.0)
      addressable (~> 2.3)
      colored (~> 1.2)
      mercenary (~> 0.3.2)
      nokogiri (~> 1.5)
      parallel (~> 1.3)
      typhoeus (~> 0.7)
      yell (~> 2.0)
    http_parser.rb (0.6.0)
    httpclient (2.7.2)
    i18n (0.7.0)
    jekyll (3.8.7)
      addressable (~> 2.4)
      colorator (~> 1.0)
      em-websocket (~> 0.5)
      i18n (~> 0.7)
      jekyll-sass-converter (~> 1.0)
      jekyll-watch (~> 2.0)
      kramdown (~> 1.14)
      liquid (~> 4.0)
      mercenary (~> 0.3.3)
      pathutil (~> 0.9)
      rouge (>= 1.7, < 4)
      safe_yaml (~> 1.0)
    jekyll-assets (2.4.0)
      concurrent-ruby (~> 1.0)
      extras (~> 0.2)
      fastimage (~> 2.0, >= 1.8)
      jekyll (~> 3.1, >= 3.0)
      pathutil (>= 0.8)
      rack (~> 1.6)
      sprockets (~> 3.3, < 3.8)
    jekyll-paginate (1.1.0)
    jekyll-sass-converter (1.5.2)
      sass (~> 3.4)
    jekyll-seo-tag (2.0.0)
      jekyll (~> 3.1)
    jekyll-sitemap (0.11.0)
      addressable (~> 2.4.0)
    jekyll-tagging (1.0.1)
      ruby-nuggets
    jekyll-watch (2.2.1)
      listen (~> 3.0)
    json (1.8.3)
    kramdown (1.17.0)
    liquid (4.0.3)
    listen (3.2.1)
      rb-fsevent (~> 0.10, >= 0.10.3)
      rb-inotify (~> 0.9, >= 0.9.10)
    mercenary (0.3.6)
    mini_portile2 (2.1.0)
    minitest (5.10.1)
    nokogiri (1.6.8)
      mini_portile2 (~> 2.1.0)
      pkg-config (~> 1.1.7)
    nuggets (1.0.0)
    parallel (1.10.0)
    pathutil (0.16.2)
      forwardable-extended (~> 2.6)
    pkg-config (1.1.7)
    rack (1.6.13)
    rails-assets-jquery (2.2.3)
    rake (11.2.2)
    rb-fsevent (0.10.4)
    rb-inotify (0.10.1)
      ffi (~> 1.0)
    rouge (3.20.0)
    ruby-nuggets (1.0.0)
      nuggets (= 1.0.0)
    safe_yaml (1.0.5)
    sass (3.7.4)
      sass-listen (~> 4.0.0)
    sass-listen (4.0.0)
      rb-fsevent (~> 0.9, >= 0.9.4)
      rb-inotify (~> 0.9, >= 0.9.7)
    sprockets (3.7.2)
      concurrent-ruby (~> 1.0)
      rack (> 1, < 3)
    thor (0.19.1)
    thread_safe (0.3.5)
    typhoeus (0.8.0)
      ethon (>= 0.8.0)
    tzinfo (1.2.2)
      thread_safe (~> 0.1)
    uglifier (3.1.4)
      execjs (>= 0.3.0, < 3)
    verbal_expressions (0.1.5)
    yell (2.0.7)

PLATFORMS
  ruby

DEPENDENCIES
  algoliasearch-jekyll
  bootstrap-sass
  font-awesome-sass
  html-proofer
  jekyll
  jekyll-assets (>= 2.2.5)
  jekyll-paginate
  jekyll-seo-tag
  jekyll-sitemap
  jekyll-tagging
  rails-assets-jquery!
  sass
  uglifier

BUNDLED WITH
   1.17.3
